GEM
  remote: https://rubygems.org/
  specs:
    aruba (0.5.4)
      childprocess (>= 0.3.6)
      cucumber (>= 1.1.1)
      rspec-expectations (>= 2.7.0)
    blankslate (2.1.2.4)
    builder (3.2.2)
    childprocess (0.4.0)
      ffi (~> 1.0, >= 1.0.11)
    coderay (1.1.0)
    coveralls (0.7.0)
      multi_json (~> 1.3)
      rest-client
      simplecov (>= 0.7)
      term-ansicolor
      thor
    cucumber (1.3.10)
      builder (>= 2.1.2)
      diff-lcs (>= 1.1.3)
      gherkin (~> 2.12)
      multi_json (>= 1.7.5, < 2.0)
      multi_test (>= 0.0.2)
    diff-lcs (1.2.5)
    docile (1.1.2)
    ffi (1.9.3)
    gherkin (2.12.2)
      multi_json (~> 1.3)
    method_source (0.8.2)
    mime-types (2.0)
    multi_json (1.8.4)
    multi_test (0.0.3)
    parslet (1.5.0)
      blankslate (~> 2.0)
    pry (0.9.12.4)
      coderay (~> 1.0)
      method_source (~> 0.8)
      slop (~> 3.4)
    rake (10.1.1)
    rest-client (1.6.7)
      mime-types (>= 1.16)
    rspec (2.14.1)
      rspec-core (~> 2.14.0)
      rspec-expectations (~> 2.14.0)
      rspec-mocks (~> 2.14.0)
    rspec-core (2.14.7)
    rspec-expectations (2.14.4)
      diff-lcs (>= 1.1.3, < 2.0)
    rspec-mocks (2.14.4)
    ruby-prof (0.14.2)
    simplecov (0.8.2)
      docile (~> 1.1.0)
      multi_json
      simplecov-html (~> 0.8.0)
    simplecov-html (0.8.0)
    slop (3.4.7)
    term-ansicolor (1.2.2)
      tins (~> 0.8)
    thor (0.18.1)
    tins (0.13.1)

PLATFORMS
  ruby

DEPENDENCIES
  aruba
  coveralls
  parslet
  pry
  rake
  rspec
  ruby-prof
  thor
